GEM
  remote: http://rubygems.org/
  specs:
    MP4Info (0.3.3)
    abstract (1.0.0)
    actionmailer (3.0.8)
      actionpack (= 3.0.8)
      mail (~> 2.2.19)
    actionpack (3.0.8)
      activemodel (= 3.0.8)
      activesupport (= 3.0.8)
      builder (~> 2.1.2)
      erubis (~> 2.6.6)
      i18n (~> 0.5.0)
      rack (~> 1.2.1)
      rack-mount (~> 0.6.14)
      rack-test (~> 0.5.7)
      tzinfo (~> 0.3.23)
    activemerchant (1.15.0)
      activesupport (>= 2.3.8)
      braintree (>= 2.0.0)
      builder (>= 2.0.0)
    activemodel (3.0.8)
      activesupport (= 3.0.8)
      builder (~> 2.1.2)
      i18n (~> 0.5.0)
    activerecord (3.0.8)
      activemodel (= 3.0.8)
      activesupport (= 3.0.8)
      arel (~> 2.0.10)
      tzinfo (~> 0.3.23)
    activeresource (3.0.8)
      activemodel (= 3.0.8)
      activesupport (= 3.0.8)
    activesupport (3.0.8)
    arel (2.0.10)
    authlogic (3.0.3)
      activerecord (>= 3.0.7)
      activerecord (>= 3.0.7)
    aws-s3 (0.6.2)
      builder
      mime-types
      xml-simple
    bluecloth (2.1.0)
    braintree (2.10.1)
      builder (>= 2.0.0)
    bteitelb-paperclip (2.3.1.16)
    builder (2.1.2)
    crack (0.1.8)
    discogs (1.1.1)
    erubis (2.6.6)
      abstract (>= 1.0.0)
    feed-normalizer (1.5.2)
      hpricot (>= 0.6)
      simple-rss (>= 1.1)
    hpricot (0.8.4)
    htmlentities (4.3.0)
    httparty (0.7.8)
      crack (= 0.1.8)
    i18n (0.5.0)
    mail (2.2.19)
      activesupport (>= 2.3.6)
      i18n (>= 0.4.0)
      mime-types (~> 1.16)
      treetop (~> 1.4.8)
    memcache-auth (1.0.3)
    mime-types (1.16)
    polyglot (0.3.1)
    rack (1.2.3)
    rack-mount (0.6.14)
      rack (>= 1.0.0)
    rack-test (0.5.7)
      rack (>= 1.0)
    rails (3.0.8)
      actionmailer (= 3.0.8)
      actionpack (= 3.0.8)
      activerecord (= 3.0.8)
      activeresource (= 3.0.8)
      activesupport (= 3.0.8)
      bundler (~> 1.0)
      railties (= 3.0.8)
    railties (3.0.8)
      actionpack (= 3.0.8)
      activesupport (= 3.0.8)
      rake (>= 0.8.7)
      thor (~> 0.14.4)
    rake (0.9.2)
    rbrainz (0.5.2)
    rfeedfinder (0.9.13)
      hpricot (>= 0.6)
      htmlentities (>= 4.0.0)
    right_aws (2.1.0)
      right_http_connection (>= 1.2.5)
    right_http_connection (1.3.0)
    ruby-hmac (0.4.0)
    ruby-mp3info (0.6.13)
    scoped_search (2.3.0)
      activerecord (>= 2.1.0)
    scrobbler (0.2.3)
      activesupport (>= 1.4.2)
      hpricot (>= 0.4.86)
    scrobbler2 (0.0.4)
      activesupport
      httparty (>= 0.2.2)
    simple-rss (1.2.3)
    sqlite3 (1.3.3)
    thor (0.14.6)
    treetop (1.4.9)
      polyglot (>= 0.3.1)
    tzinfo (0.3.28)
    will_paginate (3.0.pre2)
    xml-simple (1.0.16)

PLATFORMS
  ruby

DEPENDENCIES
  MP4Info
  activemerchant
  authlogic
  aws-s3
  bluecloth
  bteitelb-paperclip
  discogs
  feed-normalizer
  i18n
  memcache-auth
  rails (~> 3.0.8)
  rbrainz
  rfeedfinder
  right_aws
  ruby-hmac
  ruby-mp3info
  scoped_search
  scrobbler
  scrobbler2
  sqlite3
  will_paginate (~> 3.0.pre2)
